GEM
  remote: https://rubygems.org/
  specs:
    addressable (2.3.6)
    blankslate (2.1.2.4)
    daemons (1.1.9)
    em-websocket (0.3.8)
      addressable (>= 2.1.1)
      eventmachine (>= 0.12.9)
    eventmachine (1.0.3)
    gli (2.10.0)
    htmlentities (4.3.1)
    json (1.8.1)
    mini_portile (0.6.0)
    nokogiri (1.6.2.1)
      mini_portile (= 0.6.0)
    parslet (1.6.0)
      blankslate (~> 2.0)
    rack (1.5.2)
    rack-protection (1.5.3)
      rack
    rdiscount (2.1.7.1)
    redcarpet (3.1.2)
    showoff (0.9.8.1)
      gli (>= 1.3.2)
      htmlentities
      json
      nokogiri
      parslet
      redcarpet
      sinatra (~> 1.3)
      sinatra-websocket
      thin (~> 1.3)
    sinatra (1.4.5)
      rack (~> 1.4)
      rack-protection (~> 1.4)
      tilt (~> 1.3, >= 1.3.4)
    sinatra-websocket (0.3.0)
      em-websocket (~> 0.3.6)
      eventmachine
      thin (>= 1.3.1)
    thin (1.6.2)
      daemons (>= 1.0.9)
      eventmachine (>= 1.0.0)
      rack (>= 1.0.0)
    tilt (1.4.1)

PLATFORMS
  ruby

DEPENDENCIES
  gli
  nokogiri
  rdiscount
  showoff
  sinatra
